GEM
  remote: https://rubygems.org/
  specs:
    parslet (1.8.2)
    thor (0.20.3)
    vim-flavor (1.1.5)
      parslet (~> 1.0)
      thor (~> 0.14)

PLATFORMS
  x86_64-darwin-19

DEPENDENCIES
  vim-flavor (~> 1.1)

BUNDLED WITH
   2.2.22
